GEM
  remote: https://rubygems.org/
  specs:
    activemodel (5.2.1)
      activesupport (= 5.2.1)
    activerecord (5.2.1)
      activemodel (= 5.2.1)
      activesupport (= 5.2.1)
      arel (>= 9.0)
    activesupport (5.2.1)
      concurrent-ruby (~> 1.0, >= 1.0.2)
      i18n (>= 0.7, < 2)
      minitest (~> 5.1)
      tzinfo (~> 1.1)
    arel (9.0.0)
    builder (3.2.3)
    concurrent-ruby (1.0.5)
    diff-lcs (1.3)
    git (1.5.0)
    i18n (1.1.1)
      concurrent-ruby (~> 1.0)
    innertube (1.0.2)
    jeweler (1.7.0)
      bundler (~> 1.0)
      git (>= 1.2.5)
      rake
      rdoc
    minitest (5.11.3)
    rake (12.3.1)
    raspell (1.3)
    rdoc (6.0.4)
    riddle (2.3.2)
    rspec (2.99.0)
      rspec-core (~> 2.99.0)
      rspec-expectations (~> 2.99.0)
      rspec-mocks (~> 2.99.0)
    rspec-core (2.99.2)
    rspec-expectations (2.99.2)
      diff-lcs (>= 1.1.3, < 2.0)
    rspec-mocks (2.99.4)
    thinking-sphinx (2.1.0)
      activerecord (>= 3.0.3)
      builder (>= 2.1.2)
      innertube (~> 1.0.2)
      riddle (>= 1.5.6)
    thread_safe (0.3.6)
    tzinfo (1.2.5)
      thread_safe (~> 0.1)
    yard (0.9.16)

PLATFORMS
  ruby

DEPENDENCIES
  jeweler (~> 1.7.0)
  raspell (>= 1.2.2)
  rspec (~> 2.99)
  thinking-sphinx (>= 1.2.12, < 3)
  yard (~> 0.9)

BUNDLED WITH
   1.16.1
